GEM
  remote: http://rubygems.org/
  specs:
    base64 (0.1.0)
    json (2.7.1)
    mini_portile2 (2.8.5)
    mustermann (3.0.0)
      ruby2_keywords (~> 0.0.1)
    nokogiri (1.15.6)
      mini_portile2 (~> 2.8.2)
      racc (~> 1.4)
    racc (1.7.3)
    rack (3.0.10)
    rack-protection (4.0.0)
      base64 (>= 0.1.0)
      rack (>= 3.0.0, < 4)
    rack-session (2.0.0)
      rack (>= 3.0.0)
    rackup (2.1.0)
      rack (>= 3)
      webrick (~> 1.8)
    ruby2_keywords (0.0.5)
    sinatra (4.0.0)
      mustermann (~> 3.0)
      rack (>= 3.0.0, < 4)
      rack-protection (= 4.0.0)
      rack-session (>= 2.0.0, < 3)
      tilt (~> 2.0)
    tilt (2.3.0)
    webrick (1.8.1)

PLATFORMS
  ruby

DEPENDENCIES
  base64 (~> 0.1.0)
  json (= 2.7.1)
  nokogiri (= 1.15.6)
  rackup (~> 2.1)
  sinatra (= 4.0.0)

RUBY VERSION
   ruby 3.0.6p216

BUNDLED WITH
   2.5.7
