GEM
  remote: https://rubygems.org/
  specs:
    json (2.7.1)
    mini_portile2 (2.8.5)
    mustermann (1.1.2)
      ruby2_keywords (~> 0.0.1)
    nokogiri (1.13.10)
      mini_portile2 (~> 2.8.0)
      racc (~> 1.4)
    racc (1.7.3)
    rack (2.2.8.1)
    rack-protection (2.1.0)
      rack
    ruby2_keywords (0.0.5)
    sinatra (2.1.0)
      mustermann (~> 1.0)
      rack (~> 2.2)
      rack-protection (= 2.1.0)
      tilt (~> 2.0)
    tilt (2.3.0)

PLATFORMS
  ruby

DEPENDENCIES
  json (= 2.7.1)
  nokogiri (= 1.13.10)
  sinatra (= 2.1.0)

